GEM
  remote: https://rubygems.org/
  specs:
    gosu (0.8.4)

PLATFORMS
  ruby

DEPENDENCIES
  gosu
